GEM
  remote: https://rubygems.org/
  specs:
    chronic (0.10.2)
    whenever (1.0.0)
      chronic (>= 0.6.3)

PLATFORMS
  universal-darwin-20

DEPENDENCIES
  whenever (~> 1.0)

BUNDLED WITH
   2.2.18
